GEM
  remote: http://rubygems.org/
  specs:
    ffi (1.3.1)
    guard (1.4.0)
      listen (>= 0.4.2)
      thor (>= 0.14.6)
    guard-shell (0.5.1)
      guard (>= 1.1.0)
    listen (0.5.3)
    rb-fchange (0.0.6)
      ffi
    rb-fsevent (0.9.2)
    rb-inotify (0.9.0)
      ffi (>= 0.5.0)
    thor (0.16.0)

PLATFORMS
  ruby

DEPENDENCIES
  guard
  guard-shell
  rb-fchange
  rb-fsevent
  rb-inotify
