GEM
  remote: http://rubygems.org/
  specs:
    classifier (1.3.3)
      fast-stemmer (>= 1.0.0)
    directory_watcher (1.4.1)
    fast-stemmer (1.0.1)
    ffi (1.3.1)
    foreman (0.60.2)
      thor (>= 0.13.6)
    guard (1.4.0)
      listen (>= 0.4.2)
      thor (>= 0.14.6)
    guard-shell (0.5.1)
      guard (>= 1.1.0)
    jekyll (0.12.0)
      classifier (~> 1.3)
      directory_watcher (~> 1.1)
      kramdown (~> 0.13.4)
      liquid (~> 2.3)
      maruku (~> 0.5)
      pygments.rb (~> 0.3.2)
    kramdown (0.13.8)
    liquid (2.4.1)
    listen (0.5.3)
    maruku (0.6.1)
      syntax (>= 1.0.0)
    posix-spawn (0.3.6)
    pygments.rb (0.3.7)
      posix-spawn (~> 0.3.6)
      yajl-ruby (~> 1.1.0)
    rb-fchange (0.0.6)
      ffi
    rb-fsevent (0.9.2)
    rb-inotify (0.9.0)
      ffi (>= 0.5.0)
    sass (3.2.5)
    stringex (1.5.1)
    syntax (1.0.0)
    thor (0.16.0)
    yajl-ruby (1.1.0)

PLATFORMS
  ruby

DEPENDENCIES
  foreman
  guard
  guard-shell
  jekyll
  rb-fchange
  rb-fsevent
  rb-inotify
  sass
  stringex
